GEM
  remote: http://rubygems.org/
  specs:
    curb (0.7.7.1)
    mini_portile2 (2.4.0)
    nokogiri (1.10.10)
      mini_portile2 (~> 2.4.0)
    progressbar (0.9.2)

PLATFORMS
  ruby

DEPENDENCIES
  curb (~> 0.7.7.1)
  nokogiri (~> 1.10.10)
  progressbar (~> 0.9.2)
